NUGET
  remote: https://www.nuget.org/api/v2
    FSharp.Compiler.Tools (4.1.17) - restriction: || (>= net40) (>= netstandard13)
    FSharp.NET.Sdk (1.0.5)
      FSharp.Compiler.Tools (>= 4.1.17) - restriction: || (>= net40) (>= netstandard13)
    Microsoft.CSharp (4.3) - restriction: || (&& (< net20) (>= netstandard10) (< netstandard13)) (&& (< net20) (>= netstandard13))
      System.Collections (>= 4.3) - restriction: || (&& (< net45) (>= netstandard13) (< win8) (< wpa81)) (>= dnxcore50)
      System.Diagnostics.Debug (>= 4.3) - restriction: || (&& (< net45) (>= netstandard13) (< win8) (< wpa81)) (>= dnxcore50)
      System.Dynamic.Runtime (>= 4.3) - restriction: || (&& (< net45) (>= netstandard10) (< netstandard13) (< win8) (< wp8) (< wpa81)) (&& (< net45) (>= netstandard13) (< win8) (< wpa81)) (>= dnxcore50)
      System.Globalization (>= 4.3) - restriction: || (&& (< net45) (>= netstandard13) (< win8) (< wpa81)) (>= dnxcore50)
      System.Linq (>= 4.3) - restriction: || (&& (< net45) (>= netstandard13) (< win8) (< wpa81)) (>= dnxcore50)
      System.Linq.Expressions (>= 4.3) - restriction: || (&& (< net45) (>= netstandard10) (< netstandard13) (< win8) (< wp8) (< wpa81)) (&& (< net45) (>= netstandard13) (< win8) (< wpa81)) (>= dnxcore50)
      System.ObjectModel (>= 4.3) - restriction: || (&& (< net45) (>= netstandard13) (< win8) (< wpa81)) (>= dnxcore50)
      System.Reflection (>= 4.3) - restriction: || (&& (< net45) (>= netstandard13) (< win8) (< wpa81)) (>= dnxcore50)
      System.Reflection.Extensions (>= 4.3) - restriction: || (&& (< net45) (>= netstandard13) (< win8) (< wpa81)) (>= dnxcore50)
      System.Reflection.Primitives (>= 4.3) - restriction: || (&& (< net45) (>= netstandard13) (< win8) (< wpa81)) (>= dnxcore50)
      System.Reflection.TypeExtensions (>= 4.3) - restriction: || (&& (< net45) (>= netstandard13) (< win8) (< wpa81)) (>= dnxcore50)
      System.Resources.ResourceManager (>= 4.3) - restriction: || (&& (< net45) (>= netstandard13) (< win8) (< wpa81)) (>= dnxcore50)
      System.Runtime (>= 4.3) - restriction: || (&& (< net45) (>= netstandard10) (< netstandard13) (< win8) (< wp8) (< wpa81)) (&& (< net45) (>= netstandard13) (< win8) (< wpa81)) (>= dnxcore50)
      System.Runtime.Extensions (>= 4.3) - restriction: || (&& (< net45) (>= netstandard13) (< win8) (< wpa81)) (>= dnxcore50)
      System.Runtime.InteropServices (>= 4.3) - restriction: || (&& (< net45) (>= netstandard13) (< win8) (< wpa81)) (>= dnxcore50)
      System.Threading (>= 4.3) - restriction: || (&& (< net45) (>= netstandard13) (< win8) (< wpa81)) (>= dnxcore50)
    Microsoft.NETCore.Platforms (1.1) - restriction: || (&& (< net20) (>= netstandard10) (< netstandard11) (< win8) (< wp8)) (&& (< net20) (>= netstandard10) (< netstandard12) (< win8) (< wp8)) (&& (< net20) (>= netstandard10) (< netstandard13)) (&& (< net20) (>= netstandard11) (< netstandard12) (< win8)) (&& (< net20) (>= netstandard11) (< netstandard13) (< win8) (< wpa81)) (&& (< net20) (>= netstandard12) (< netstandard13) (< win8) (< wpa81)) (&& (< net20) (>= netstandard12) (< netstandard13) (< win81) (< wpa81)) (&& (< net20) (>= netstandard13)) (&& (< net20) (>= netstandard15)) (&& (>= dnxcore50) (>= netstandard10)) (&& (>= dnxcore50) (>= netstandard11)) (&& (>= dnxcore50) (>= netstandard12)) (&& (>= dnxcore50) (>= netstandard13)) (&& (>= dnxcore50) (>= netstandard14)) (&& (>= dnxcore50) (>= netstandard15)) (>= netstandard16)
    Microsoft.NETCore.Targets (1.1) - restriction: || (&& (< net20) (>= netstandard10) (< netstandard11) (< win8) (< wp8)) (&& (< net20) (>= netstandard10) (< netstandard12) (< win8) (< wp8)) (&& (< net20) (>= netstandard10) (< netstandard13) (< win8) (< wp8) (< wpa81)) (&& (< net20) (>= netstandard11) (< netstandard12) (< win8)) (&& (< net20) (>= netstandard11) (< netstandard13) (< win8) (< wpa81)) (&& (< net20) (>= netstandard12) (< netstandard13) (< win8) (< wpa81)) (&& (< net20) (>= netstandard12) (< netstandard13) (< win81) (< wpa81)) (&& (< net20) (>= netstandard13)) (&& (< net20) (>= netstandard15)) (&& (>= dnxcore50) (>= netstandard10)) (&& (>= dnxcore50) (>= netstandard11)) (&& (>= dnxcore50) (>= netstandard12)) (&& (>= dnxcore50) (>= netstandard13)) (&& (>= dnxcore50) (>= netstandard15)) (>= netstandard16)
    Microsoft.Win32.Primitives (4.3) - restriction: && (< net20) (>= netstandard13)
      Microsoft.NETCore.Platforms (>= 1.1) - restriction: && (< net46) (>= netstandard13)
      Microsoft.NETCore.Targets (>= 1.1) - restriction: && (< net46) (>= netstandard13)
      System.Runtime (>= 4.3) - restriction: && (< net46) (>= netstandard13)
    NETStandard.Library (1.6.1) - restriction: || (&& (< net20) (>= netstandard10) (< netstandard13)) (&& (< net20) (>= netstandard13))
      Microsoft.NETCore.Platforms (>= 1.1) - restriction: >= netstandard10
      Microsoft.Win32.Primitives (>= 4.3) - restriction: >= netstandard13
      System.AppContext (>= 4.3) - restriction: >= netstandard13
      System.Collections (>= 4.3) - restriction: >= netstandard10
      System.Collections.Concurrent (>= 4.3) - restriction: >= netstandard11
      System.Console (>= 4.3) - restriction: >= netstandard13
      System.Diagnostics.Debug (>= 4.3) - restriction: >= netstandard10
      System.Diagnostics.Tools (>= 4.3) - restriction: >= netstandard10
      System.Diagnostics.Tracing (>= 4.3) - restriction: >= netstandard11
      System.Globalization (>= 4.3) - restriction: >= netstandard10
      System.Globalization.Calendars (>= 4.3) - restriction: >= netstandard13
      System.IO (>= 4.3) - restriction: >= netstandard10
      System.IO.Compression (>= 4.3) - restriction: >= netstandard11
      System.IO.Compression.ZipFile (>= 4.3) - restriction: >= netstandard13
      System.IO.FileSystem (>= 4.3) - restriction: >= netstandard13
      System.IO.FileSystem.Primitives (>= 4.3) - restriction: >= netstandard13
      System.Linq (>= 4.3) - restriction: >= netstandard10
      System.Linq.Expressions (>= 4.3) - restriction: >= netstandard10
      System.Net.Http (>= 4.3) - restriction: >= netstandard11
      System.Net.Primitives (>= 4.3) - restriction: >= netstandard10
      System.Net.Sockets (>= 4.3) - restriction: >= netstandard13
      System.ObjectModel (>= 4.3) - restriction: >= netstandard10
      System.Reflection (>= 4.3) - restriction: >= netstandard10
      System.Reflection.Extensions (>= 4.3) - restriction: >= netstandard10
      System.Reflection.Primitives (>= 4.3) - restriction: >= netstandard10
      System.Resources.ResourceManager (>= 4.3) - restriction: >= netstandard10
      System.Runtime (>= 4.3) - restriction: >= netstandard10
      System.Runtime.Extensions (>= 4.3) - restriction: >= netstandard10
      System.Runtime.Handles (>= 4.3) - restriction: >= netstandard13
      System.Runtime.InteropServices (>= 4.3) - restriction: >= netstandard11
      System.Runtime.InteropServices.RuntimeInformation (>= 4.3) - restriction: >= netstandard11
      System.Runtime.Numerics (>= 4.3) - restriction: >= netstandard11
      System.Security.Cryptography.Algorithms (>= 4.3) - restriction: >= netstandard13
      System.Security.Cryptography.Encoding (>= 4.3) - restriction: >= netstandard13
      System.Security.Cryptography.Primitives (>= 4.3) - restriction: >= netstandard13
      System.Security.Cryptography.X509Certificates (>= 4.3) - restriction: >= netstandard13
      System.Text.Encoding (>= 4.3) - restriction: >= netstandard10
      System.Text.Encoding.Extensions (>= 4.3) - restriction: >= netstandard10
      System.Text.RegularExpressions (>= 4.3) - restriction: >= netstandard10
      System.Threading (>= 4.3) - restriction: >= netstandard10
      System.Threading.Tasks (>= 4.3) - restriction: >= netstandard10
      System.Threading.Timer (>= 4.3) - restriction: >= netstandard12
      System.Xml.ReaderWriter (>= 4.3) - restriction: >= netstandard10
      System.Xml.XDocument (>= 4.3) - restriction: >= netstandard10
    Newtonsoft.Json (10.0.2)
      Microsoft.CSharp (>= 4.3) - restriction: || (&& (< net20) (>= netstandard10) (< netstandard13)) (&& (< net20) (>= netstandard13))
      NETStandard.Library (>= 1.6.1) - restriction: || (&& (< net20) (>= netstandard10) (< netstandard13)) (&& (< net20) (>= netstandard13))
      System.ComponentModel.TypeConverter (>= 4.3) - restriction: || (&& (< net20) (>= netstandard10) (< netstandard13)) (&& (< net20) (>= netstandard13))
      System.Runtime.Serialization.Formatters (>= 4.3) - restriction: && (< net20) (>= netstandard13)
      System.Runtime.Serialization.Primitives (>= 4.3) - restriction: || (&& (< net20) (>= netstandard10) (< netstandard13)) (&& (< net20) (>= netstandard13))
      System.Xml.XmlDocument (>= 4.3) - restriction: && (< net20) (>= netstandard13)
    runtime.debian.8-x64.runtime.native.System.Security.Cryptography.OpenSsl (4.3.1) - restriction: || (&& (< net20) (>= netstandard13)) (>= netstandard16)
    runtime.fedora.23-x64.runtime.native.System.Security.Cryptography.OpenSsl (4.3.1) - restriction: || (&& (< net20) (>= netstandard13)) (>= netstandard16)
    runtime.fedora.24-x64.runtime.native.System.Security.Cryptography.OpenSsl (4.3.1) - restriction: || (&& (< net20) (>= netstandard13)) (>= netstandard16)
    runtime.native.System (4.3) - restriction: || (&& (< net20) (>= netstandard11) (< netstandard13) (< win8) (< wpa81)) (&& (< net20) (>= netstandard13) (< win8) (< wpa81)) (>= netstandard16)
      Microsoft.NETCore.Platforms (>= 1.1)
      Microsoft.NETCore.Targets (>= 1.1)
    runtime.native.System.IO.Compression (4.3) - restriction: || (&& (< net20) (>= netstandard13) (< win8) (< wpa81)) (&& (>= dnxcore50) (>= netstandard11)) (&& (>= dnxcore50) (>= netstandard13))
      Microsoft.NETCore.Platforms (>= 1.1)
      Microsoft.NETCore.Targets (>= 1.1)
    runtime.native.System.Net.Http (4.3) - restriction: >= netstandard16
      Microsoft.NETCore.Platforms (>= 1.1)
      Microsoft.NETCore.Targets (>= 1.1)
    runtime.native.System.Security.Cryptography.Apple (4.3) - restriction: >= netstandard16
      runtime.osx.10.10-x64.runtime.native.System.Security.Cryptography.Apple (>= 4.3)
    runtime.native.System.Security.Cryptography.OpenSsl (4.3.1) - restriction: || (&& (< net20) (>= netstandard13)) (>= netstandard16)
      runtime.debian.8-x64.runtime.native.System.Security.Cryptography.OpenSsl (>= 4.3.1)
      runtime.fedora.23-x64.runtime.native.System.Security.Cryptography.OpenSsl (>= 4.3.1)
      runtime.fedora.24-x64.runtime.native.System.Security.Cryptography.OpenSsl (>= 4.3.1)
      runtime.opensuse.13.2-x64.runtime.native.System.Security.Cryptography.OpenSsl (>= 4.3.1)
      runtime.opensuse.42.1-x64.runtime.native.System.Security.Cryptography.OpenSsl (>= 4.3.1)
      runtime.osx.10.10-x64.runtime.native.System.Security.Cryptography.OpenSsl (>= 4.3.1)
      runtime.rhel.7-x64.runtime.native.System.Security.Cryptography.OpenSsl (>= 4.3.1)
      runtime.ubuntu.14.04-x64.runtime.native.System.Security.Cryptography.OpenSsl (>= 4.3.1)
      runtime.ubuntu.16.04-x64.runtime.native.System.Security.Cryptography.OpenSsl (>= 4.3.1)
      runtime.ubuntu.16.10-x64.runtime.native.System.Security.Cryptography.OpenSsl (>= 4.3.1)
    runtime.opensuse.13.2-x64.runtime.native.System.Security.Cryptography.OpenSsl (4.3.1) - restriction: || (&& (< net20) (>= netstandard13)) (>= netstandard16)
    runtime.opensuse.42.1-x64.runtime.native.System.Security.Cryptography.OpenSsl (4.3.1) - restriction: || (&& (< net20) (>= netstandard13)) (>= netstandard16)
    runtime.osx.10.10-x64.runtime.native.System.Security.Cryptography.Apple (4.3) - restriction: >= netstandard16
    runtime.osx.10.10-x64.runtime.native.System.Security.Cryptography.OpenSsl (4.3.1) - restriction: || (&& (< net20) (>= netstandard13)) (>= netstandard16)
    runtime.rhel.7-x64.runtime.native.System.Security.Cryptography.OpenSsl (4.3.1) - restriction: || (&& (< net20) (>= netstandard13)) (>= netstandard16)
    runtime.ubuntu.14.04-x64.runtime.native.System.Security.Cryptography.OpenSsl (4.3.1) - restriction: || (&& (< net20) (>= netstandard13)) (>= netstandard16)
    runtime.ubuntu.16.04-x64.runtime.native.System.Security.Cryptography.OpenSsl (4.3.1) - restriction: || (&& (< net20) (>= netstandard13)) (>= netstandard16)
    runtime.ubuntu.16.10-x64.runtime.native.System.Security.Cryptography.OpenSsl (4.3.1) - restriction: || (&& (< net20) (>= netstandard13)) (>= netstandard16)
    System.AppContext (4.3) - restriction: && (< net20) (>= netstandard13)
      System.Runtime (>= 4.3) - restriction: || (&& (< net46) (>= netstandard13)) (>= dnxcore50) (>= netstandard16)
    System.Buffers (4.3) - restriction: || (&& (< net20) (>= netstandard13)) (&& (>= dnxcore50) (>= netstandard11)) (&& (>= dnxcore50) (>= netstandard13))
      System.Diagnostics.Debug (>= 4.3) - restriction: && (< net45) (>= netstandard11) (< win8) (< wpa81)
      System.Diagnostics.Tracing (>= 4.3) - restriction: && (< net45) (>= netstandard11) (< win8) (< wpa81)
      System.Resources.ResourceManager (>= 4.3) - restriction: && (< net45) (>= netstandard11) (< win8) (< wpa81)
      System.Runtime (>= 4.3) - restriction: && (< net45) (>= netstandard11) (< win8) (< wpa81)
      System.Threading (>= 4.3) - restriction: && (< net45) (>= netstandard11) (< win8) (< wpa81)
    System.Collections (4.3) - restriction: || (&& (< net20) (>= netstandard10) (< netstandard13)) (&& (< net20) (>= netstandard13)) (&& (< net20) (>= netstandard14)) (&& (< net20) (>= netstandard15)) (&& (>= dnxcore50) (>= netstandard10)) (&& (>= dnxcore50) (>= netstandard13)) (>= netstandard16)
      Microsoft.NETCore.Platforms (>= 1.1) - restriction: || (&& (< net45) (>= netstandard10) (< netstandard13) (< win8) (< wp8) (< wpa81)) (&& (< net45) (>= netstandard13) (< win8) (< wpa81)) (>= dnxcore50)
      Microsoft.NETCore.Targets (>= 1.1) - restriction: || (&& (< net45) (>= netstandard10) (< netstandard13) (< win8) (< wp8) (< wpa81)) (&& (< net45) (>= netstandard13) (< win8) (< wpa81)) (>= dnxcore50)
      System.Runtime (>= 4.3) - restriction: || (&& (< net45) (>= netstandard10) (< netstandard13) (< win8) (< wp8) (< wpa81)) (&& (< net45) (>= netstandard13) (< win8) (< wpa81)) (>= dnxcore50)
    System.Collections.Concurrent (4.3) - restriction: || (&& (< net20) (>= netstandard11) (< netstandard13)) (&& (< net20) (>= netstandard13))
      System.Collections (>= 4.3) - restriction: || (&& (< net45) (>= netstandard13) (< win8) (< wpa81)) (>= dnxcore50)
      System.Diagnostics.Debug (>= 4.3) - restriction: || (&& (< net45) (>= netstandard13) (< win8) (< wpa81)) (>= dnxcore50)
      System.Diagnostics.Tracing (>= 4.3) - restriction: || (&& (< net45) (>= netstandard13) (< win8) (< wpa81)) (>= dnxcore50)
      System.Globalization (>= 4.3) - restriction: || (&& (< net45) (>= netstandard13) (< win8) (< wpa81)) (>= dnxcore50)
      System.Reflection (>= 4.3) - restriction: && (< net45) (>= netstandard13) (< win8) (< wpa81)
      System.Resources.ResourceManager (>= 4.3) - restriction: || (&& (< net45) (>= netstandard13) (< win8) (< wpa81)) (>= dnxcore50)
      System.Runtime (>= 4.3) - restriction: || (&& (< net45) (>= netstandard11) (< netstandard13) (< win8) (< wpa81)) (&& (< net45) (>= netstandard13) (< win8) (< wpa81)) (>= dnxcore50)
      System.Runtime.Extensions (>= 4.3) - restriction: || (&& (< net45) (>= netstandard13) (< win8) (< wpa81)) (>= dnxcore50)
      System.Threading (>= 4.3) - restriction: || (&& (< net45) (>= netstandard13) (< win8) (< wpa81)) (>= dnxcore50)
      System.Threading.Tasks (>= 4.3) - restriction: || (&& (< net45) (>= netstandard11) (< netstandard13) (< win8) (< wpa81)) (&& (< net45) (>= netstandard13) (< win8) (< wpa81)) (>= dnxcore50)
    System.Collections.NonGeneric (4.3) - restriction: || (&& (< net20) (>= net462)) (&& (< net20) (>= netstandard15))
      System.Diagnostics.Debug (>= 4.3) - restriction: && (< net46) (>= netstandard13)
      System.Globalization (>= 4.3) - restriction: && (< net46) (>= netstandard13)
      System.Resources.ResourceManager (>= 4.3) - restriction: && (< net46) (>= netstandard13)
      System.Runtime (>= 4.3) - restriction: && (< net46) (>= netstandard13)
      System.Runtime.Extensions (>= 4.3) - restriction: && (< net46) (>= netstandard13)
      System.Threading (>= 4.3) - restriction: && (< net46) (>= netstandard13)
    System.Collections.Specialized (4.3) - restriction: && (< net20) (>= netstandard15)
      System.Collections.NonGeneric (>= 4.3) - restriction: && (< net46) (>= netstandard13)
      System.Globalization (>= 4.3) - restriction: && (< net46) (>= netstandard13)
      System.Globalization.Extensions (>= 4.3) - restriction: && (< net46) (>= netstandard13)
      System.Resources.ResourceManager (>= 4.3) - restriction: && (< net46) (>= netstandard13)
      System.Runtime (>= 4.3) - restriction: && (< net46) (>= netstandard13)
      System.Runtime.Extensions (>= 4.3) - restriction: && (< net46) (>= netstandard13)
      System.Threading (>= 4.3) - restriction: && (< net46) (>= netstandard13)
    System.ComponentModel (4.3) - restriction: || (&& (< net20) (>= netstandard10) (< netstandard13) (< win8) (< wp8) (< wpa81)) (&& (< net20) (>= netstandard13) (< netstandard15) (< win8) (< wpa81)) (&& (< net20) (>= netstandard15))
      System.Runtime (>= 4.3) - restriction: || (&& (< net45) (>= netstandard10) (< netstandard13) (< win8) (< wp8) (< wpa81)) (&& (< net45) (>= netstandard13) (< win8) (< wpa81)) (>= dnxcore50)
    System.ComponentModel.Primitives (4.3) - restriction: || (&& (< net20) (>= net45) (>= netstandard13) (< netstandard15)) (&& (< net20) (>= net45) (< netstandard13)) (&& (< net20) (>= net462)) (&& (< net20) (>= netstandard10) (< netstandard13) (< win8)) (&& (< net20) (>= netstandard13) (< netstandard15) (< win8)) (&& (< net20) (>= netstandard15)) (&& (< netstandard10) (>= netstandard13) (>= win8)) (&& (>= netstandard13) (>= wpa81)) (&& (< netstandard13) (>= wpa81)) (>= wp8)
      System.ComponentModel (>= 4.3) - restriction: && (< net45) (>= netstandard10) (< win8) (< wp8) (< wpa81)
      System.Resources.ResourceManager (>= 4.3) - restriction: && (< net45) (>= netstandard10) (< win8) (< wp8) (< wpa81)
      System.Runtime (>= 4.3) - restriction: && (< net45) (>= netstandard10) (< win8) (< wp8) (< wpa81)
    System.ComponentModel.TypeConverter (4.3) - restriction: || (&& (< net20) (>= netstandard10) (< netstandard13)) (&& (< net20) (>= netstandard13))
      System.Collections (>= 4.3) - restriction: || (&& (< net45) (>= netstandard10) (< netstandard15) (< win8) (< wp8) (< wpa81)) (&& (< net45) (>= netstandard15))
      System.Collections.NonGeneric (>= 4.3) - restriction: || (&& (< net45) (>= netstandard15)) (>= net462)
      System.Collections.Specialized (>= 4.3) - restriction: && (< net45) (>= netstandard15)
      System.ComponentModel (>= 4.3) - restriction: || (&& (< net45) (>= netstandard10) (< netstandard15) (< win8) (< wp8) (< wpa81)) (&& (< net45) (>= netstandard15))
      System.ComponentModel.Primitives (>= 4.3) - restriction: || (&& (>= net45) (< netstandard15)) (&& (< net45) (>= netstandard10) (< netstandard15) (< win8)) (&& (< net45) (>= netstandard15)) (>= net462) (&& (< netstandard10) (>= win8)) (>= wp8) (>= wpa81)
      System.Globalization (>= 4.3) - restriction: || (&& (< net45) (>= netstandard10) (< netstandard15) (< win8) (< wp8) (< wpa81)) (&& (< net45) (>= netstandard15))
      System.Linq (>= 4.3) - restriction: && (< net45) (>= netstandard15)
      System.Reflection (>= 4.3) - restriction: || (&& (< net45) (>= netstandard10) (< netstandard15) (< win8) (< wp8) (< wpa81)) (&& (< net45) (>= netstandard15))
      System.Reflection.Extensions (>= 4.3) - restriction: || (&& (< net45) (>= netstandard10) (< netstandard15) (< win8) (< wp8) (< wpa81)) (&& (< net45) (>= netstandard15))
      System.Reflection.Primitives (>= 4.3) - restriction: || (&& (< net45) (>= netstandard10) (< netstandard15) (< win8) (< wp8) (< wpa81)) (&& (< net45) (>= netstandard15))
      System.Reflection.TypeExtensions (>= 4.3) - restriction: && (< net45) (>= netstandard15)
      System.Resources.ResourceManager (>= 4.3) - restriction: || (&& (< net45) (>= netstandard10) (< netstandard15) (< win8) (< wp8) (< wpa81)) (&& (< net45) (>= netstandard15))
      System.Runtime (>= 4.3) - restriction: || (&& (< net45) (>= netstandard10) (< netstandard15) (< win8) (< wp8) (< wpa81)) (&& (< net45) (>= netstandard15))
      System.Runtime.Extensions (>= 4.3) - restriction: || (&& (< net45) (>= netstandard10) (< netstandard15) (< win8) (< wp8) (< wpa81)) (&& (< net45) (>= netstandard15))
      System.Threading (>= 4.3) - restriction: || (&& (< net45) (>= netstandard10) (< netstandard15) (< win8) (< wp8) (< wpa81)) (&& (< net45) (>= netstandard15))
    System.Console (4.3) - restriction: && (< net20) (>= netstandard13)
      Microsoft.NETCore.Platforms (>= 1.1) - restriction: && (< net46) (>= netstandard13)
      Microsoft.NETCore.Targets (>= 1.1) - restriction: && (< net46) (>= netstandard13)
      System.IO (>= 4.3) - restriction: && (< net46) (>= netstandard13)
      System.Runtime (>= 4.3) - restriction: && (< net46) (>= netstandard13)
      System.Text.Encoding (>= 4.3) - restriction: && (< net46) (>= netstandard13)
    System.Diagnostics.Debug (4.3) - restriction: || (&& (< net20) (>= net462)) (&& (< net20) (>= netstandard10) (< netstandard13)) (&& (< net20) (>= netstandard13)) (&& (< net20) (>= netstandard15)) (&& (>= dnxcore50) (>= netstandard10)) (&& (>= dnxcore50) (>= netstandard13)) (>= netstandard16)
      Microsoft.NETCore.Platforms (>= 1.1) - restriction: || (&& (< net45) (>= netstandard10) (< netstandard13) (< win8) (< wp8) (< wpa81)) (&& (< net45) (>= netstandard13) (< win8) (< wpa81)) (>= dnxcore50)
      Microsoft.NETCore.Targets (>= 1.1) - restriction: || (&& (< net45) (>= netstandard10) (< netstandard13) (< win8) (< wp8) (< wpa81)) (&& (< net45) (>= netstandard13) (< win8) (< wpa81)) (>= dnxcore50)
      System.Runtime (>= 4.3) - restriction: || (&& (< net45) (>= netstandard10) (< netstandard13) (< win8) (< wp8) (< wpa81)) (&& (< net45) (>= netstandard13) (< win8) (< wpa81)) (>= dnxcore50)
    System.Diagnostics.DiagnosticSource (4.3.1) - restriction: || (&& (< net20) (>= netstandard13) (< win8) (< wpa81)) (&& (>= dnxcore50) (>= netstandard11)) (&& (>= dnxcore50) (>= netstandard13)) (>= netstandard16)
      System.Collections (>= 4.3) - restriction: || (&& (< net45) (>= netstandard11) (< netstandard13) (< win8) (< wpa81)) (&& (< net45) (>= netstandard13) (< win8) (< wpa81))
      System.Diagnostics.Tracing (>= 4.3) - restriction: || (&& (< net45) (>= netstandard11) (< netstandard13) (< win8) (< wpa81)) (&& (< net45) (>= netstandard13) (< win8) (< wpa81))
      System.Reflection (>= 4.3) - restriction: || (&& (< net45) (>= netstandard11) (< netstandard13) (< win8) (< wpa81)) (&& (< net45) (>= netstandard13) (< win8) (< wpa81))
      System.Runtime (>= 4.3) - restriction: || (&& (< net45) (>= netstandard11) (< netstandard13) (< win8) (< wpa81)) (&& (< net45) (>= netstandard13) (< win8) (< wpa81))
      System.Threading (>= 4.3) - restriction: || (&& (< net45) (>= netstandard11) (< netstandard13) (< win8) (< wpa81)) (&& (< net45) (>= netstandard13) (< win8) (< wpa81))
    System.Diagnostics.Tools (4.3) - restriction: || (&& (< net20) (>= netstandard10) (< netstandard13)) (&& (< net20) (>= netstandard13)) (&& (>= dnxcore50) (>= netstandard10)) (&& (>= dnxcore50) (>= netstandard13))
      Microsoft.NETCore.Platforms (>= 1.1) - restriction: || (&& (< net45) (>= netstandard10) (< win8) (< wp8) (< wpa81)) (>= dnxcore50)
      Microsoft.NETCore.Targets (>= 1.1) - restriction: || (&& (< net45) (>= netstandard10) (< win8) (< wp8) (< wpa81)) (>= dnxcore50)
      System.Runtime (>= 4.3) - restriction: || (&& (< net45) (>= netstandard10) (< win8) (< wp8) (< wpa81)) (>= dnxcore50)
    System.Diagnostics.Tracing (4.3) - restriction: || (&& (< net20) (>= netstandard11) (< netstandard13)) (&& (< net20) (>= netstandard13)) (&& (>= dnxcore50) (>= netstandard11)) (&& (>= dnxcore50) (>= netstandard13)) (>= netstandard16)
      Microsoft.NETCore.Platforms (>= 1.1) - restriction: || (&& (< net45) (>= netstandard11) (< netstandard12) (< win8)) (&& (< net45) (>= netstandard12) (< netstandard13) (< win8) (< wpa81)) (&& (< net45) (>= netstandard13) (< netstandard15) (< win8) (< wpa81)) (&& (< net45) (>= netstandard15)) (>= dnxcore50)
      Microsoft.NETCore.Targets (>= 1.1) - restriction: || (&& (< net45) (>= netstandard11) (< netstandard12) (< win8)) (&& (< net45) (>= netstandard12) (< netstandard13) (< win8) (< wpa81)) (&& (< net45) (>= netstandard13) (< netstandard15) (< win8) (< wpa81)) (&& (< net45) (>= netstandard15)) (>= dnxcore50)
      System.Runtime (>= 4.3) - restriction: || (&& (< net45) (>= netstandard11) (< netstandard12) (< win8)) (&& (< net45) (>= netstandard12) (< netstandard13) (< win8) (< wpa81)) (&& (< net45) (>= netstandard13) (< netstandard15) (< win8) (< wpa81)) (&& (< net45) (>= netstandard15)) (>= dnxcore50)
    System.Dynamic.Runtime (4.3) - restriction: || (&& (< net20) (>= netstandard10) (< netstandard13) (< win8) (< wp8) (< wpa81)) (&& (< net20) (>= netstandard13) (< win8) (< wpa81)) (&& (>= dnxcore50) (>= netstandard10)) (&& (>= dnxcore50) (>= netstandard13))
      System.Collections (>= 4.3) - restriction: || (&& (< net45) (>= netstandard13) (< win8) (< wpa81)) (>= dnxcore50)
      System.Diagnostics.Debug (>= 4.3) - restriction: || (&& (< net45) (>= netstandard13) (< win8) (< wpa81)) (>= dnxcore50)
      System.Linq (>= 4.3) - restriction: || (&& (< net45) (>= netstandard13) (< win8) (< wpa81)) (>= dnxcore50)
      System.Linq.Expressions (>= 4.3) - restriction: || (&& (< net45) (>= netstandard10) (< netstandard13) (< win8) (< wp8) (< wpa81)) (&& (< net45) (>= netstandard13) (< win8) (< wpa81)) (>= dnxcore50)
      System.ObjectModel (>= 4.3) - restriction: || (&& (< net45) (>= netstandard10) (< netstandard13) (< win8) (< wp8) (< wpa81)) (&& (< net45) (>= netstandard13) (< win8) (< wpa81)) (>= dnxcore50)
      System.Reflection (>= 4.3) - restriction: || (&& (< net45) (>= netstandard10) (< netstandard13) (< win8) (< wp8) (< wpa81)) (&& (< net45) (>= netstandard13) (< win8) (< wpa81)) (>= dnxcore50)
      System.Reflection.Emit (>= 4.3) - restriction: && (< net45) (>= netstandard13) (< win8) (< wpa81)
      System.Reflection.Emit.ILGeneration (>= 4.3) - restriction: && (< net45) (>= netstandard13) (< win8) (< wpa81)
      System.Reflection.Primitives (>= 4.3) - restriction: && (< net45) (>= netstandard13) (< win8) (< wpa81)
      System.Reflection.TypeExtensions (>= 4.3) - restriction: || (&& (< net45) (>= netstandard13) (< win8) (< wpa81)) (>= dnxcore50)
      System.Resources.ResourceManager (>= 4.3) - restriction: || (&& (< net45) (>= netstandard13) (< win8) (< wpa81)) (>= dnxcore50)
      System.Runtime (>= 4.3) - restriction: || (&& (< net45) (>= netstandard10) (< netstandard13) (< win8) (< wp8) (< wpa81)) (&& (< net45) (>= netstandard13) (< win8) (< wpa81)) (>= dnxcore50)
      System.Runtime.Extensions (>= 4.3) - restriction: || (&& (< net45) (>= netstandard13) (< win8) (< wpa81)) (>= dnxcore50)
      System.Threading (>= 4.3) - restriction: || (&& (< net45) (>= netstandard13) (< win8) (< wpa81)) (>= dnxcore50)
    System.Globalization (4.3) - restriction: || (&& (< net20) (>= net462)) (&& (< net20) (>= netstandard10) (< netstandard13)) (&& (< net20) (>= netstandard13)) (&& (< net20) (>= netstandard15)) (&& (>= dnxcore50) (>= netstandard10)) (&& (>= dnxcore50) (>= netstandard13)) (>= netstandard16)
      Microsoft.NETCore.Platforms (>= 1.1) - restriction: || (&& (< net45) (>= netstandard10) (< netstandard13) (< win8) (< wp8) (< wpa81)) (&& (< net45) (>= netstandard13) (< win8) (< wpa81)) (>= dnxcore50)
      Microsoft.NETCore.Targets (>= 1.1) - restriction: || (&& (< net45) (>= netstandard10) (< netstandard13) (< win8) (< wp8) (< wpa81)) (&& (< net45) (>= netstandard13) (< win8) (< wpa81)) (>= dnxcore50)
      System.Runtime (>= 4.3) - restriction: || (&& (< net45) (>= netstandard10) (< netstandard13) (< win8) (< wp8) (< wpa81)) (&& (< net45) (>= netstandard13) (< win8) (< wpa81)) (>= dnxcore50)
    System.Globalization.Calendars (4.3) - restriction: || (&& (< net20) (>= netstandard13)) (&& (>= dnxcore50) (>= netstandard13)) (>= netstandard16)
      Microsoft.NETCore.Platforms (>= 1.1) - restriction: && (< net46) (>= netstandard13)
      Microsoft.NETCore.Targets (>= 1.1) - restriction: && (< net46) (>= netstandard13)
      System.Globalization (>= 4.3) - restriction: && (< net46) (>= netstandard13)
      System.Runtime (>= 4.3) - restriction: && (< net46) (>= netstandard13)
    System.Globalization.Extensions (4.3) - restriction: || (&& (< net20) (>= netstandard15)) (>= netstandard16)
      Microsoft.NETCore.Platforms (>= 1.1) - restriction: && (< net46) (>= netstandard13)
      System.Globalization (>= 4.3) - restriction: && (< net46) (>= netstandard13)
      System.Resources.ResourceManager (>= 4.3) - restriction: && (< net46) (>= netstandard13)
      System.Runtime (>= 4.3) - restriction: && (< net46) (>= netstandard13)
      System.Runtime.Extensions (>= 4.3) - restriction: && (< net46) (>= netstandard13)
      System.Runtime.InteropServices (>= 4.3) - restriction: && (< net46) (>= netstandard13)
    System.IO (4.3) - restriction: || (&& (< net20) (>= net463)) (&& (< net20) (>= netstandard10) (< netstandard13)) (&& (< net20) (>= netstandard11) (< netstandard13) (< win8) (< wpa81)) (&& (< net20) (>= netstandard13)) (&& (< net20) (>= netstandard14)) (&& (< net20) (>= netstandard15)) (&& (>= dnxcore50) (>= netstandard10)) (&& (>= dnxcore50) (>= netstandard11)) (&& (>= dnxcore50) (>= netstandard13)) (&& (>= dnxcore50) (>= netstandard15)) (>= netstandard16)
      Microsoft.NETCore.Platforms (>= 1.1) - restriction: || (&& (< net45) (>= netstandard10) (< netstandard13) (< win8) (< wp8) (< wpa81)) (&& (< net45) (>= netstandard13) (< netstandard15) (< win8) (< wpa81)) (&& (< net45) (>= netstandard15)) (>= dnxcore50)
      Microsoft.NETCore.Targets (>= 1.1) - restriction: || (&& (< net45) (>= netstandard10) (< netstandard13) (< win8) (< wp8) (< wpa81)) (&& (< net45) (>= netstandard13) (< netstandard15) (< win8) (< wpa81)) (&& (< net45) (>= netstandard15)) (>= dnxcore50)
      System.Runtime (>= 4.3) - restriction: || (&& (< net45) (>= netstandard10) (< netstandard13) (< win8) (< wp8) (< wpa81)) (&& (< net45) (>= netstandard13) (< netstandard15) (< win8) (< wpa81)) (&& (< net45) (>= netstandard15)) (>= dnxcore50)
      System.Text.Encoding (>= 4.3) - restriction: || (&& (< net45) (>= netstandard10) (< netstandard13) (< win8) (< wp8) (< wpa81)) (&& (< net45) (>= netstandard13) (< netstandard15) (< win8) (< wpa81)) (&& (< net45) (>= netstandard15)) (>= dnxcore50)
      System.Threading.Tasks (>= 4.3) - restriction: || (&& (< net45) (>= netstandard10) (< netstandard13) (< win8) (< wp8) (< wpa81)) (&& (< net45) (>= netstandard13) (< netstandard15) (< win8) (< wpa81)) (&& (< net45) (>= netstandard15)) (>= dnxcore50)
    System.IO.Compression (4.3) - restriction: || (&& (< net20) (>= netstandard11) (< netstandard13)) (&& (< net20) (>= netstandard13))
      Microsoft.NETCore.Platforms (>= 1.1) - restriction: && (< net45) (>= netstandard13) (< win8) (< wpa81)
      runtime.native.System (>= 4.3) - restriction: && (< net45) (>= netstandard13) (< win8) (< wpa81)
      runtime.native.System.IO.Compression (>= 4.3) - restriction: || (&& (< net45) (>= netstandard13) (< win8) (< wpa81)) (>= dnxcore50)
      System.Buffers (>= 4.3) - restriction: || (&& (< net45) (>= netstandard13) (< win8) (< wpa81)) (>= dnxcore50)
      System.Collections (>= 4.3) - restriction: || (&& (< net45) (>= netstandard13) (< win8) (< wpa81)) (>= dnxcore50)
      System.Diagnostics.Debug (>= 4.3) - restriction: || (&& (< net45) (>= netstandard13) (< win8) (< wpa81)) (>= dnxcore50)
      System.IO (>= 4.3) - restriction: || (&& (< net45) (>= netstandard11) (< netstandard13) (< win8) (< wpa81)) (&& (< net45) (>= netstandard13) (< win8) (< wpa81)) (>= dnxcore50)
      System.Resources.ResourceManager (>= 4.3) - restriction: || (&& (< net45) (>= netstandard13) (< win8) (< wpa81)) (>= dnxcore50)
      System.Runtime (>= 4.3) - restriction: || (&& (< net45) (>= netstandard11) (< netstandard13) (< win8) (< wpa81)) (&& (< net45) (>= netstandard13) (< win8) (< wpa81)) (>= dnxcore50)
      System.Runtime.Extensions (>= 4.3) - restriction: || (&& (< net45) (>= netstandard13) (< win8) (< wpa81)) (>= dnxcore50)
      System.Runtime.Handles (>= 4.3) - restriction: || (&& (< net45) (>= netstandard13) (< win8) (< wpa81)) (>= dnxcore50)
      System.Runtime.InteropServices (>= 4.3) - restriction: || (&& (< net45) (>= netstandard13) (< win8) (< wpa81)) (>= dnxcore50)
      System.Text.Encoding (>= 4.3) - restriction: || (&& (< net45) (>= netstandard11) (< netstandard13) (< win8) (< wpa81)) (&& (< net45) (>= netstandard13) (< win8) (< wpa81)) (>= dnxcore50)
      System.Threading (>= 4.3) - restriction: || (&& (< net45) (>= netstandard13) (< win8) (< wpa81)) (>= dnxcore50)
      System.Threading.Tasks (>= 4.3) - restriction: || (&& (< net45) (>= netstandard13) (< win8) (< wpa81)) (>= dnxcore50)
    System.IO.Compression.ZipFile (4.3) - restriction: && (< net20) (>= netstandard13)
      System.Buffers (>= 4.3) - restriction: && (< net46) (>= netstandard13)
      System.IO (>= 4.3) - restriction: && (< net46) (>= netstandard13)
      System.IO.Compression (>= 4.3) - restriction: && (< net46) (>= netstandard13)
      System.IO.FileSystem (>= 4.3) - restriction: && (< net46) (>= netstandard13)
      System.IO.FileSystem.Primitives (>= 4.3) - restriction: && (< net46) (>= netstandard13)
      System.Resources.ResourceManager (>= 4.3) - restriction: && (< net46) (>= netstandard13)
      System.Runtime (>= 4.3) - restriction: && (< net46) (>= netstandard13)
      System.Runtime.Extensions (>= 4.3) - restriction: && (< net46) (>= netstandard13)
      System.Text.Encoding (>= 4.3) - restriction: && (< net46) (>= netstandard13)
    System.IO.FileSystem (4.3) - restriction: || (&& (< net20) (>= netstandard13)) (&& (>= dnxcore50) (>= netstandard10)) (&& (>= dnxcore50) (>= netstandard13)) (>= netstandard16)
      Microsoft.NETCore.Platforms (>= 1.1) - restriction: && (< net46) (>= netstandard13)
      Microsoft.NETCore.Targets (>= 1.1) - restriction: && (< net46) (>= netstandard13)
      System.IO (>= 4.3) - restriction: && (< net46) (>= netstandard13)
      System.IO.FileSystem.Primitives (>= 4.3) - restriction: >= netstandard13
      System.Runtime (>= 4.3) - restriction: && (< net46) (>= netstandard13)
      System.Runtime.Handles (>= 4.3) - restriction: && (< net46) (>= netstandard13)
      System.Text.Encoding (>= 4.3) - restriction: && (< net46) (>= netstandard13)
      System.Threading.Tasks (>= 4.3) - restriction: && (< net46) (>= netstandard13)
    System.IO.FileSystem.Primitives (4.3) - restriction: || (&& (< net20) (>= netstandard13)) (&& (>= dnxcore50) (>= netstandard10)) (&& (>= dnxcore50) (>= netstandard13)) (>= netstandard16)
      System.Runtime (>= 4.3) - restriction: && (< net46) (>= netstandard13)
    System.Linq (4.3) - restriction: || (&& (< net20) (>= netstandard10) (< netstandard13)) (&& (< net20) (>= netstandard13)) (&& (< net20) (>= netstandard15)) (&& (>= dnxcore50) (>= netstandard10)) (&& (>= dnxcore50) (>= netstandard13)) (>= netstandard16)
      System.Collections (>= 4.3) - restriction: || (&& (< net45) (>= netstandard10) (< win8) (< wp8) (< wpa81)) (>= dnxcore50) (>= netstandard16)
      System.Diagnostics.Debug (>= 4.3) - restriction: || (>= dnxcore50) (>= netstandard16)
      System.Resources.ResourceManager (>= 4.3) - restriction: || (>= dnxcore50) (>= netstandard16)
      System.Runtime (>= 4.3) - restriction: || (&& (< net45) (>= netstandard10) (< win8) (< wp8) (< wpa81)) (>= dnxcore50) (>= netstandard16)
      System.Runtime.Extensions (>= 4.3) - restriction: || (>= dnxcore50) (>= netstandard16)
    System.Linq.Expressions (4.3) - restriction: || (&& (< net20) (>= netstandard10) (< netstandard13)) (&& (< net20) (>= netstandard13)) (&& (>= dnxcore50) (>= netstandard10)) (&& (>= dnxcore50) (>= netstandard13))
      System.Collections (>= 4.3) - restriction: || (>= dnxcore50) (>= netstandard16)
      System.Diagnostics.Debug (>= 4.3) - restriction: || (>= dnxcore50) (>= netstandard16)
      System.Globalization (>= 4.3) - restriction: || (>= dnxcore50) (>= netstandard16)
      System.IO (>= 4.3) - restriction: || (>= dnxcore50) (>= netstandard16)
      System.Linq (>= 4.3) - restriction: || (>= dnxcore50) (>= netstandard16)
      System.ObjectModel (>= 4.3) - restriction: >= netstandard16
      System.Reflection (>= 4.3) - restriction: || (&& (< net45) (>= netstandard10) (< netstandard13) (< win8) (< wp8) (< wpa81)) (&& (< net45) (>= netstandard13) (< win8) (< wpa81)) (>= dnxcore50) (>= netstandard16)
      System.Reflection.Emit (>= 4.3) - restriction: >= netstandard16
      System.Reflection.Emit.ILGeneration (>= 4.3) - restriction: || (>= dnxcore50) (>= netstandard16)
      System.Reflection.Emit.Lightweight (>= 4.3) - restriction: || (>= dnxcore50) (>= netstandard16)
      System.Reflection.Extensions (>= 4.3) - restriction: || (>= dnxcore50) (>= netstandard16)
      System.Reflection.Primitives (>= 4.3) - restriction: || (>= dnxcore50) (>= netstandard16)
      System.Reflection.TypeExtensions (>= 4.3) - restriction: || (>= dnxcore50) (>= netstandard16)
      System.Resources.ResourceManager (>= 4.3) - restriction: || (>= dnxcore50) (>= netstandard16)
      System.Runtime (>= 4.3) - restriction: || (&& (< net45) (>= netstandard10) (< netstandard13) (< win8) (< wp8) (< wpa81)) (&& (< net45) (>= netstandard13) (< win8) (< wpa81)) (>= dnxcore50) (>= netstandard16)
      System.Runtime.Extensions (>= 4.3) - restriction: || (>= dnxcore50) (>= netstandard16)
      System.Threading (>= 4.3) - restriction: || (>= dnxcore50) (>= netstandard16)
    System.Net.Http (4.3.2) - restriction: || (&& (< net20) (>= netstandard11) (< netstandard13)) (&& (< net20) (>= netstandard13))
      Microsoft.NETCore.Platforms (>= 1.1) - restriction: || (&& (< net45) (>= netstandard13) (< win8) (< wpa81)) (>= dnxcore50) (>= netstandard16)
      Microsoft.Win32.Primitives (>= 4.3) - restriction: && (< net45) (>= netstandard13) (< netstandard16) (< win8) (< wpa81)
      runtime.native.System (>= 4.3) - restriction: >= netstandard16
      runtime.native.System.Net.Http (>= 4.3) - restriction: >= netstandard16
      runtime.native.System.Security.Cryptography.OpenSsl (>= 4.3) - restriction: >= netstandard16
      System.Collections (>= 4.3) - restriction: || (&& (< net45) (>= netstandard13) (< win8) (< wpa81)) (>= dnxcore50) (>= netstandard16)
      System.Diagnostics.Debug (>= 4.3) - restriction: || (&& (< net45) (>= netstandard13) (< win8) (< wpa81)) (>= dnxcore50) (>= netstandard16)
      System.Diagnostics.DiagnosticSource (>= 4.3) - restriction: || (&& (< net45) (>= netstandard13) (< win8) (< wpa81)) (>= dnxcore50) (>= netstandard16)
      System.Diagnostics.Tracing (>= 4.3) - restriction: || (&& (< net45) (>= netstandard13) (< win8) (< wpa81)) (>= dnxcore50) (>= netstandard16)
      System.Globalization (>= 4.3) - restriction: || (&& (< net45) (>= netstandard13) (< win8) (< wpa81)) (>= dnxcore50) (>= netstandard16)
      System.Globalization.Extensions (>= 4.3) - restriction: >= netstandard16
      System.IO (>= 4.3) - restriction: || (&& (< net45) (>= netstandard11) (< netstandard13) (< win8) (< wpa81)) (&& (< net45) (>= netstandard13) (< win8) (< wpa81)) (>= dnxcore50) (>= netstandard16)
      System.IO.Compression (>= 4.3) - restriction: && (< net45) (>= netstandard13) (< netstandard16) (< win8) (< wpa81)
      System.IO.FileSystem (>= 4.3) - restriction: >= netstandard16
      System.Net.Primitives (>= 4.3) - restriction: || (&& (< net45) (>= netstandard11) (< netstandard13) (< win8) (< wpa81)) (&& (< net45) (>= netstandard13) (< win8) (< wpa81)) (>= dnxcore50) (>= netstandard16)
      System.Resources.ResourceManager (>= 4.3) - restriction: || (&& (< net45) (>= netstandard13) (< win8) (< wpa81)) (>= dnxcore50) (>= netstandard16)
      System.Runtime (>= 4.3) - restriction: || (&& (< net45) (>= netstandard11) (< netstandard13) (< win8) (< wpa81)) (&& (< net45) (>= netstandard13) (< win8) (< wpa81)) (>= dnxcore50) (>= netstandard16)
      System.Runtime.Extensions (>= 4.3) - restriction: || (&& (< net45) (>= netstandard13) (< win8) (< wpa81)) (>= dnxcore50) (>= netstandard16)
      System.Runtime.Handles (>= 4.3) - restriction: || (&& (< net45) (>= netstandard13) (< win8) (< wpa81)) (>= netstandard16)
      System.Runtime.InteropServices (>= 4.3) - restriction: || (&& (< net45) (>= netstandard13) (< win8) (< wpa81)) (>= dnxcore50) (>= netstandard16)
      System.Security.Cryptography.Algorithms (>= 4.3) - restriction: >= netstandard16
      System.Security.Cryptography.Encoding (>= 4.3) - restriction: || (&& (< net45) (>= netstandard13) (< win8) (< wpa81)) (>= netstandard16)
      System.Security.Cryptography.OpenSsl (>= 4.3) - restriction: >= netstandard16
      System.Security.Cryptography.Primitives (>= 4.3) - restriction: >= netstandard16
      System.Security.Cryptography.X509Certificates (>= 4.3) - restriction: || (&& (< net45) (>= netstandard13) (< win8) (< wpa81)) (>= net46) (>= dnxcore50) (>= netstandard16)
      System.Text.Encoding (>= 4.3) - restriction: || (&& (< net45) (>= netstandard11) (< netstandard13) (< win8) (< wpa81)) (&& (< net45) (>= netstandard13) (< win8) (< wpa81)) (>= dnxcore50) (>= netstandard16)
      System.Threading (>= 4.3) - restriction: || (&& (< net45) (>= netstandard13) (< win8) (< wpa81)) (>= dnxcore50) (>= netstandard16)
      System.Threading.Tasks (>= 4.3) - restriction: || (&& (< net45) (>= netstandard11) (< netstandard13) (< win8) (< wpa81)) (&& (< net45) (>= netstandard13) (< win8) (< wpa81)) (>= dnxcore50) (>= netstandard16)
    System.Net.Primitives (4.3) - restriction: || (&& (< net20) (>= netstandard10) (< netstandard13)) (&& (< net20) (>= netstandard11) (< netstandard13) (< win8) (< wpa81)) (&& (< net20) (>= netstandard13)) (&& (>= dnxcore50) (>= netstandard11)) (&& (>= dnxcore50) (>= netstandard13)) (>= netstandard16)
      Microsoft.NETCore.Platforms (>= 1.1) - restriction: || (&& (< net45) (>= netstandard11) (< netstandard13) (< win8) (< wpa81)) (&& (< net45) (>= netstandard13) (< win8) (< wpa81)) (>= dnxcore50) (&& (>= netstandard10) (< netstandard11) (< win8) (< wp8))
      Microsoft.NETCore.Targets (>= 1.1) - restriction: || (&& (< net45) (>= netstandard11) (< netstandard13) (< win8) (< wpa81)) (&& (< net45) (>= netstandard13) (< win8) (< wpa81)) (>= dnxcore50) (&& (>= netstandard10) (< netstandard11) (< win8) (< wp8))
      System.Runtime (>= 4.3) - restriction: || (&& (< net45) (>= netstandard11) (< netstandard13) (< win8) (< wpa81)) (&& (< net45) (>= netstandard13) (< win8) (< wpa81)) (>= dnxcore50) (&& (>= netstandard10) (< netstandard11) (< win8) (< wp8))
      System.Runtime.Handles (>= 4.3) - restriction: || (&& (< net45) (>= netstandard13) (< win8) (< wpa81)) (>= dnxcore50)
    System.Net.Sockets (4.3) - restriction: && (< net20) (>= netstandard13)
      Microsoft.NETCore.Platforms (>= 1.1) - restriction: && (< net46) (>= netstandard13)
      Microsoft.NETCore.Targets (>= 1.1) - restriction: && (< net46) (>= netstandard13)
      System.IO (>= 4.3) - restriction: && (< net46) (>= netstandard13)
      System.Net.Primitives (>= 4.3) - restriction: && (< net46) (>= netstandard13)
      System.Runtime (>= 4.3) - restriction: && (< net46) (>= netstandard13)
      System.Threading.Tasks (>= 4.3) - restriction: && (< net46) (>= netstandard13)
    System.ObjectModel (4.3) - restriction: || (&& (< net20) (>= netstandard10) (< netstandard13)) (&& (< net20) (>= netstandard13)) (&& (>= dnxcore50) (>= netstandard10)) (&& (>= dnxcore50) (>= netstandard13)) (>= netstandard16)
      System.Collections (>= 4.3) - restriction: || (&& (< net45) (>= netstandard13) (< win8) (< wpa81)) (>= dnxcore50)
      System.Diagnostics.Debug (>= 4.3) - restriction: || (&& (< net45) (>= netstandard13) (< win8) (< wpa81)) (>= dnxcore50)
      System.Resources.ResourceManager (>= 4.3) - restriction: || (&& (< net45) (>= netstandard13) (< win8) (< wpa81)) (>= dnxcore50)
      System.Runtime (>= 4.3) - restriction: || (&& (< net45) (>= netstandard10) (< netstandard13) (< win8) (< wp8) (< wpa81)) (&& (< net45) (>= netstandard13) (< win8) (< wpa81)) (>= dnxcore50)
      System.Threading (>= 4.3) - restriction: || (&& (< net45) (>= netstandard13) (< win8) (< wpa81)) (>= dnxcore50)
    System.Reflection (4.3) - restriction: || (&& (< net20) (>= netstandard10) (< netstandard13)) (&& (< net20) (>= netstandard11) (< netstandard12) (< win8)) (&& (< net20) (>= netstandard11) (< netstandard13) (< win8) (< wpa81)) (&& (< net20) (>= netstandard12) (< netstandard13) (< win8) (< wpa81)) (&& (< net20) (>= netstandard13)) (&& (< net20) (>= netstandard14)) (&& (< net20) (>= netstandard15)) (&& (>= dnxcore50) (>= netstandard10)) (&& (>= dnxcore50) (>= netstandard11)) (&& (>= dnxcore50) (>= netstandard12)) (&& (>= dnxcore50) (>= netstandard13)) (&& (>= dnxcore50) (>= netstandard15)) (>= netstandard16)
      Microsoft.NETCore.Platforms (>= 1.1) - restriction: || (&& (< net45) (>= netstandard10) (< netstandard13) (< win8) (< wp8) (< wpa81)) (&& (< net45) (>= netstandard13) (< netstandard15) (< win8) (< wpa81)) (&& (< net45) (>= netstandard15)) (>= dnxcore50)
      Microsoft.NETCore.Targets (>= 1.1) - restriction: || (&& (< net45) (>= netstandard10) (< netstandard13) (< win8) (< wp8) (< wpa81)) (&& (< net45) (>= netstandard13) (< netstandard15) (< win8) (< wpa81)) (&& (< net45) (>= netstandard15)) (>= dnxcore50)
      System.IO (>= 4.3) - restriction: || (&& (< net45) (>= netstandard10) (< netstandard13) (< win8) (< wp8) (< wpa81)) (&& (< net45) (>= netstandard13) (< netstandard15) (< win8) (< wpa81)) (&& (< net45) (>= netstandard15)) (>= dnxcore50)
      System.Reflection.Primitives (>= 4.3) - restriction: || (&& (< net45) (>= netstandard10) (< netstandard13) (< win8) (< wp8) (< wpa81)) (&& (< net45) (>= netstandard13) (< netstandard15) (< win8) (< wpa81)) (&& (< net45) (>= netstandard15)) (>= dnxcore50)
      System.Runtime (>= 4.3) - restriction: || (&& (< net45) (>= netstandard10) (< netstandard13) (< win8) (< wp8) (< wpa81)) (&& (< net45) (>= netstandard13) (< netstandard15) (< win8) (< wpa81)) (&& (< net45) (>= netstandard15)) (>= dnxcore50)
    System.Reflection.Emit (4.3) - restriction: || (&& (< net20) (>= netstandard13) (< win8) (< wpa81)) (&& (>= dnxcore50) (>= netstandard13)) (>= netstandard16)
      System.IO (>= 4.3) - restriction: && (< net45) (>= netstandard11)
      System.Reflection (>= 4.3) - restriction: && (< net45) (>= netstandard11)
      System.Reflection.Emit.ILGeneration (>= 4.3) - restriction: && (< net45) (>= netstandard11)
      System.Reflection.Primitives (>= 4.3) - restriction: && (< net45) (>= netstandard11)
      System.Runtime (>= 4.3) - restriction: && (< net45) (>= netstandard11)
    System.Reflection.Emit.ILGeneration (4.3) - restriction: || (&& (< net20) (>= netstandard13) (< win8) (< wpa81)) (&& (>= dnxcore50) (>= netstandard10)) (&& (>= dnxcore50) (>= netstandard13)) (>= netstandard16)
      System.Reflection (>= 4.3) - restriction: && (< net45) (>= netstandard10) (< wp8)
      System.Reflection.Primitives (>= 4.3) - restriction: && (< net45) (>= netstandard10) (< wp8)
      System.Runtime (>= 4.3) - restriction: && (< net45) (>= netstandard10) (< wp8)
    System.Reflection.Emit.Lightweight (4.3) - restriction: || (&& (>= dnxcore50) (>= netstandard10)) (&& (>= dnxcore50) (>= netstandard13)) (>= netstandard16)
      System.Reflection (>= 4.3) - restriction: && (< net45) (>= netstandard10) (< wp8)
      System.Reflection.Emit.ILGeneration (>= 4.3) - restriction: && (< net45) (>= netstandard10) (< wp8)
      System.Reflection.Primitives (>= 4.3) - restriction: && (< net45) (>= netstandard10) (< wp8)
      System.Runtime (>= 4.3) - restriction: && (< net45) (>= netstandard10) (< wp8)
    System.Reflection.Extensions (4.3) - restriction: || (&& (< net20) (>= netstandard10) (< netstandard13)) (&& (< net20) (>= netstandard11) (< netstandard13) (< win8) (< wpa81)) (&& (< net20) (>= netstandard13)) (&& (< net20) (>= netstandard15)) (&& (>= dnxcore50) (>= netstandard10)) (&& (>= dnxcore50) (>= netstandard11)) (&& (>= dnxcore50) (>= netstandard13)) (>= netstandard16)
      Microsoft.NETCore.Platforms (>= 1.1) - restriction: || (&& (< net45) (>= netstandard10) (< win8) (< wp8) (< wpa81)) (>= dnxcore50)
      Microsoft.NETCore.Targets (>= 1.1) - restriction: || (&& (< net45) (>= netstandard10) (< win8) (< wp8) (< wpa81)) (>= dnxcore50)
      System.Reflection (>= 4.3) - restriction: || (&& (< net45) (>= netstandard10) (< win8) (< wp8) (< wpa81)) (>= dnxcore50)
      System.Runtime (>= 4.3) - restriction: || (&& (< net45) (>= netstandard10) (< win8) (< wp8) (< wpa81)) (>= dnxcore50)
    System.Reflection.Primitives (4.3) - restriction: || (&& (< net20) (>= netstandard10) (< netstandard13)) (&& (< net20) (>= netstandard11) (< netstandard12) (< win8)) (&& (< net20) (>= netstandard12) (< netstandard13) (< win8) (< wpa81)) (&& (< net20) (>= netstandard13)) (&& (< net20) (>= netstandard15)) (&& (>= dnxcore50) (>= netstandard10)) (&& (>= dnxcore50) (>= netstandard11)) (&& (>= dnxcore50) (>= netstandard12)) (&& (>= dnxcore50) (>= netstandard13)) (&& (>= dnxcore50) (>= netstandard15)) (>= netstandard16)
      Microsoft.NETCore.Platforms (>= 1.1) - restriction: || (&& (< net45) (>= netstandard10) (< win8) (< wp8) (< wpa81)) (>= dnxcore50)
      Microsoft.NETCore.Targets (>= 1.1) - restriction: || (&& (< net45) (>= netstandard10) (< win8) (< wp8) (< wpa81)) (>= dnxcore50)
      System.Runtime (>= 4.3) - restriction: || (&& (< net45) (>= netstandard10) (< win8) (< wp8) (< wpa81)) (>= dnxcore50)
    System.Reflection.TypeExtensions (4.3) - restriction: || (&& (< net20) (>= netstandard13) (< win8) (< wpa81)) (&& (< net20) (>= netstandard15)) (&& (>= dnxcore50) (>= netstandard10)) (&& (>= dnxcore50) (>= netstandard13)) (>= netstandard16)
      System.Reflection (>= 4.3) - restriction: || (&& (< net46) (>= netstandard13) (< netstandard15)) (&& (< net46) (>= netstandard15)) (>= net462) (>= dnxcore50)
      System.Runtime (>= 4.3) - restriction: || (&& (< net46) (>= netstandard13) (< netstandard15)) (&& (< net46) (>= netstandard15)) (>= dnxcore50)
    System.Resources.ResourceManager (4.3) - restriction: || (&& (< net20) (>= net45) (< netstandard13)) (&& (< net20) (>= net462)) (&& (< net20) (>= netstandard10) (< netstandard13)) (&& (< net20) (>= netstandard11) (< netstandard13) (< win8) (< wpa81)) (&& (< net20) (>= netstandard13)) (&& (< net20) (>= netstandard14)) (&& (< net20) (>= netstandard15)) (&& (>= dnxcore50) (>= netstandard10)) (&& (>= dnxcore50) (>= netstandard11)) (&& (>= dnxcore50) (>= netstandard13)) (>= netstandard16)
      Microsoft.NETCore.Platforms (>= 1.1) - restriction: || (&& (< net45) (>= netstandard10) (< win8) (< wp8) (< wpa81)) (>= dnxcore50)
      Microsoft.NETCore.Targets (>= 1.1) - restriction: || (&& (< net45) (>= netstandard10) (< win8) (< wp8) (< wpa81)) (>= dnxcore50)
      System.Globalization (>= 4.3) - restriction: || (&& (< net45) (>= netstandard10) (< win8) (< wp8) (< wpa81)) (>= dnxcore50)
      System.Reflection (>= 4.3) - restriction: || (&& (< net45) (>= netstandard10) (< win8) (< wp8) (< wpa81)) (>= dnxcore50)
      System.Runtime (>= 4.3) - restriction: || (&& (< net45) (>= netstandard10) (< win8) (< wp8) (< wpa81)) (>= dnxcore50)
    System.Runtime (4.3) - restriction: || (&& (< net20) (>= net462)) (&& (< net20) (>= net463)) (&& (< net20) (>= netstandard10) (< netstandard13)) (&& (< net20) (>= netstandard11) (< netstandard12) (< win8)) (&& (< net20) (>= netstandard11) (< netstandard13) (< win8) (< wpa81)) (&& (< net20) (>= netstandard12) (< netstandard13) (< win8) (< wpa81)) (&& (< net20) (>= netstandard12) (< netstandard13) (< win81) (< wpa81)) (&& (< net20) (>= netstandard13)) (&& (< net20) (>= netstandard14)) (&& (< net20) (>= netstandard15)) (&& (>= net462) (>= dnxcore50)) (&& (>= dnxcore50) (>= netstandard10)) (&& (>= dnxcore50) (>= netstandard11)) (&& (>= dnxcore50) (>= netstandard12)) (&& (>= dnxcore50) (>= netstandard13)) (&& (>= dnxcore50) (>= netstandard14)) (&& (>= dnxcore50) (>= netstandard15)) (>= netstandard16)
      Microsoft.NETCore.Platforms (>= 1.1) - restriction: || (&& (< net45) (>= netstandard10) (< netstandard12) (< win8) (< wp8)) (&& (< net45) (>= netstandard12) (< netstandard13) (< win8) (< wpa81)) (&& (< net45) (>= netstandard13) (< netstandard15) (< win8) (< wpa81)) (&& (< net45) (>= netstandard15)) (>= dnxcore50)
      Microsoft.NETCore.Targets (>= 1.1) - restriction: || (&& (< net45) (>= netstandard10) (< netstandard12) (< win8) (< wp8)) (&& (< net45) (>= netstandard12) (< netstandard13) (< win8) (< wpa81)) (&& (< net45) (>= netstandard13) (< netstandard15) (< win8) (< wpa81)) (&& (< net45) (>= netstandard15)) (>= dnxcore50)
    System.Runtime.Extensions (4.3) - restriction: || (&& (< net20) (>= net462)) (&& (< net20) (>= netstandard10) (< netstandard13)) (&& (< net20) (>= netstandard13)) (&& (< net20) (>= netstandard15)) (&& (>= dnxcore50) (>= netstandard10)) (&& (>= dnxcore50) (>= netstandard13)) (>= netstandard16)
      Microsoft.NETCore.Platforms (>= 1.1) - restriction: || (&& (< net45) (>= netstandard10) (< netstandard13) (< win8) (< wp8) (< wpa81)) (&& (< net45) (>= netstandard13) (< netstandard15) (< win8) (< wpa81)) (&& (< net45) (>= netstandard15)) (>= dnxcore50)
      Microsoft.NETCore.Targets (>= 1.1) - restriction: || (&& (< net45) (>= netstandard10) (< netstandard13) (< win8) (< wp8) (< wpa81)) (&& (< net45) (>= netstandard13) (< netstandard15) (< win8) (< wpa81)) (&& (< net45) (>= netstandard15)) (>= dnxcore50)
      System.Runtime (>= 4.3) - restriction: || (&& (< net45) (>= netstandard10) (< netstandard13) (< win8) (< wp8) (< wpa81)) (&& (< net45) (>= netstandard13) (< netstandard15) (< win8) (< wpa81)) (&& (< net45) (>= netstandard15)) (>= dnxcore50)
    System.Runtime.Handles (4.3) - restriction: || (&& (< net20) (>= netstandard13)) (&& (< net20) (>= netstandard15)) (&& (>= dnxcore50) (>= netstandard10)) (&& (>= dnxcore50) (>= netstandard11)) (&& (>= dnxcore50) (>= netstandard13)) (&& (>= dnxcore50) (>= netstandard15)) (>= netstandard16)
      Microsoft.NETCore.Platforms (>= 1.1) - restriction: && (< net46) (>= netstandard13)
      Microsoft.NETCore.Targets (>= 1.1) - restriction: && (< net46) (>= netstandard13)
      System.Runtime (>= 4.3) - restriction: && (< net46) (>= netstandard13)
    System.Runtime.InteropServices (4.3) - restriction: || (&& (< net20) (>= netstandard11) (< netstandard13)) (&& (< net20) (>= netstandard13)) (&& (< net20) (>= netstandard15)) (&& (>= dnxcore50) (>= netstandard10)) (&& (>= dnxcore50) (>= netstandard13)) (>= netstandard16)
      Microsoft.NETCore.Platforms (>= 1.1) - restriction: || (&& (< net45) (>= netstandard11) (< netstandard12) (< win8)) (&& (< net45) (>= netstandard12) (< netstandard13) (< win8) (< wpa81)) (&& (< net45) (>= netstandard13) (< netstandard15) (< win8) (< wpa81)) (&& (< net45) (>= netstandard15)) (>= dnxcore50) (>= netcore11)
      Microsoft.NETCore.Targets (>= 1.1) - restriction: || (&& (< net45) (>= netstandard11) (< netstandard12) (< win8)) (&& (< net45) (>= netstandard12) (< netstandard13) (< win8) (< wpa81)) (&& (< net45) (>= netstandard13) (< netstandard15) (< win8) (< wpa81)) (&& (< net45) (>= netstandard15)) (>= dnxcore50) (>= netcore11)
      System.Reflection (>= 4.3) - restriction: || (&& (< net45) (>= netstandard11) (< netstandard12) (< win8)) (&& (< net45) (>= netstandard12) (< netstandard13) (< win8) (< wpa81)) (&& (< net45) (>= netstandard13) (< netstandard15) (< win8) (< wpa81)) (&& (< net45) (>= netstandard15)) (>= dnxcore50) (>= netcore11)
      System.Reflection.Primitives (>= 4.3) - restriction: || (&& (< net45) (>= netstandard11) (< netstandard12) (< win8)) (&& (< net45) (>= netstandard12) (< netstandard13) (< win8) (< wpa81)) (&& (< net45) (>= netstandard13) (< netstandard15) (< win8) (< wpa81)) (&& (< net45) (>= netstandard15)) (>= dnxcore50) (>= netcore11)
      System.Runtime (>= 4.3) - restriction: || (&& (< net45) (>= netstandard11) (< netstandard12) (< win8)) (&& (< net45) (>= netstandard12) (< netstandard13) (< win8) (< wpa81)) (&& (< net45) (>= netstandard13) (< netstandard15) (< win8) (< wpa81)) (&& (< net45) (>= netstandard15)) (>= net462) (>= dnxcore50) (>= netcore11)
      System.Runtime.Handles (>= 4.3) - restriction: || (&& (< net45) (>= netstandard13) (< netstandard15) (< win8) (< wpa81)) (&& (< net45) (>= netstandard15)) (>= dnxcore50) (>= netcore11)
    System.Runtime.InteropServices.RuntimeInformation (4.3) - restriction: || (&& (< net20) (>= netstandard11) (< netstandard13)) (&& (< net20) (>= netstandard13))
      runtime.native.System (>= 4.3) - restriction: && (< net45) (>= netstandard11) (< win8) (< wpa81)
      System.Reflection (>= 4.3) - restriction: || (&& (< net45) (>= netstandard11) (< win8) (< wpa81)) (>= dnxcore50)
      System.Reflection.Extensions (>= 4.3) - restriction: || (&& (< net45) (>= netstandard11) (< win8) (< wpa81)) (>= dnxcore50)
      System.Resources.ResourceManager (>= 4.3) - restriction: || (&& (< net45) (>= netstandard11) (< win8) (< wpa81)) (>= dnxcore50)
      System.Runtime (>= 4.3) - restriction: || (&& (< net45) (>= netstandard11) (< win8) (< wpa81)) (>= dnxcore50)
      System.Runtime.InteropServices (>= 4.3) - restriction: && (< net45) (>= netstandard11) (< win8) (< wpa81)
      System.Threading (>= 4.3) - restriction: || (&& (< net45) (>= netstandard11) (< win8) (< wpa81)) (>= dnxcore50)
    System.Runtime.Numerics (4.3) - restriction: || (&& (< net20) (>= netstandard11) (< netstandard13)) (&& (< net20) (>= netstandard13)) (&& (>= dnxcore50) (>= netstandard13)) (>= netstandard16)
      System.Globalization (>= 4.3) - restriction: || (&& (< net45) (>= netstandard13) (< win8) (< wpa81)) (>= dnxcore50)
      System.Resources.ResourceManager (>= 4.3) - restriction: || (&& (< net45) (>= netstandard13) (< win8) (< wpa81)) (>= dnxcore50)
      System.Runtime (>= 4.3) - restriction: || (&& (< net45) (>= netstandard11) (< netstandard13) (< win8) (< wpa81)) (&& (< net45) (>= netstandard13) (< win8) (< wpa81)) (>= dnxcore50)
      System.Runtime.Extensions (>= 4.3) - restriction: || (&& (< net45) (>= netstandard13) (< win8) (< wpa81)) (>= dnxcore50)
    System.Runtime.Serialization.Formatters (4.3) - restriction: && (< net20) (>= netstandard13)
      System.Collections (>= 4.3) - restriction: && (< net46) (>= netstandard14)
      System.Reflection (>= 4.3) - restriction: && (< net46) (>= netstandard14)
      System.Resources.ResourceManager (>= 4.3) - restriction: && (< net46) (>= netstandard14)
      System.Runtime (>= 4.3) - restriction: || (&& (< net46) (>= netstandard13) (< netstandard14)) (&& (< net46) (>= netstandard14))
      System.Runtime.Serialization.Primitives (>= 4.3) - restriction: >= netstandard13
    System.Runtime.Serialization.Primitives (4.3) - restriction: || (&& (< net20) (>= netstandard10) (< netstandard13)) (&& (< net20) (>= netstandard13))
      System.Resources.ResourceManager (>= 4.3) - restriction: || (&& (< net45) (>= netstandard13) (< win8) (< wpa81)) (>= dnxcore50)
      System.Runtime (>= 4.3) - restriction: || (&& (< net45) (>= netstandard10) (< netstandard13) (< win8) (< wp8) (< wpa81)) (&& (< net45) (>= netstandard13) (< win8) (< wpa81)) (>= dnxcore50)
    System.Security.Cryptography.Algorithms (4.3) - restriction: || (&& (< net20) (>= netstandard13)) (>= netstandard16)
      Microsoft.NETCore.Platforms (>= 1.1) - restriction: || (>= dnxcore50) (>= netstandard16)
      runtime.native.System.Security.Cryptography.Apple (>= 4.3) - restriction: >= netstandard16
      runtime.native.System.Security.Cryptography.OpenSsl (>= 4.3) - restriction: >= netstandard16
      System.Collections (>= 4.3) - restriction: >= netstandard16
      System.IO (>= 4.3) - restriction: || (&& (< net46) (>= netstandard13) (< netstandard14)) (&& (< net46) (>= netstandard14)) (>= net463) (>= dnxcore50) (>= netstandard16)
      System.Resources.ResourceManager (>= 4.3) - restriction: || (>= dnxcore50) (>= netstandard16)
      System.Runtime (>= 4.3) - restriction: || (&& (< net46) (>= netstandard13) (< netstandard14)) (&& (< net46) (>= netstandard14)) (>= net463) (>= dnxcore50) (>= netstandard16)
      System.Runtime.Extensions (>= 4.3) - restriction: || (>= dnxcore50) (>= netstandard16)
      System.Runtime.Handles (>= 4.3) - restriction: || (>= dnxcore50) (>= netstandard16)
      System.Runtime.InteropServices (>= 4.3) - restriction: || (>= dnxcore50) (>= netstandard16)
      System.Runtime.Numerics (>= 4.3) - restriction: >= netstandard16
      System.Security.Cryptography.Encoding (>= 4.3) - restriction: || (>= net463) (>= dnxcore50) (>= netstandard16)
      System.Security.Cryptography.Primitives (>= 4.3) - restriction: || (&& (>= net46) (< netstandard14)) (&& (< net46) (>= netstandard13) (< netstandard14)) (&& (< net46) (>= netstandard14)) (>= net461) (>= dnxcore50) (>= netstandard16)
      System.Text.Encoding (>= 4.3) - restriction: || (>= dnxcore50) (>= netstandard16)
    System.Security.Cryptography.Cng (4.3) - restriction: || (&& (>= dnxcore50) (>= netstandard13)) (>= netstandard16)
      Microsoft.NETCore.Platforms (>= 1.1) - restriction: || (&& (< net46) (>= netstandard14)) (>= netstandard16)
      System.IO (>= 4.3) - restriction: || (&& (< net46) (>= netstandard13) (< netstandard14)) (&& (< net46) (>= netstandard14)) (>= netstandard16)
      System.Resources.ResourceManager (>= 4.3) - restriction: || (&& (< net46) (>= netstandard14)) (>= netstandard16)
      System.Runtime (>= 4.3) - restriction: || (&& (< net46) (>= netstandard13) (< netstandard14)) (&& (< net46) (>= netstandard14)) (>= netstandard16)
      System.Runtime.Extensions (>= 4.3) - restriction: || (&& (< net46) (>= netstandard14)) (>= netstandard16)
      System.Runtime.Handles (>= 4.3) - restriction: || (&& (< net46) (>= netstandard13) (< netstandard14)) (&& (< net46) (>= netstandard14)) (>= netstandard16)
      System.Runtime.InteropServices (>= 4.3) - restriction: || (&& (< net46) (>= netstandard14)) (>= netstandard16)
      System.Security.Cryptography.Algorithms (>= 4.3) - restriction: || (&& (>= net46) (< netstandard14)) (&& (< net46) (>= netstandard13) (< netstandard14)) (&& (< net46) (>= netstandard14)) (>= net461) (>= netstandard16)
      System.Security.Cryptography.Encoding (>= 4.3) - restriction: || (&& (< net46) (>= netstandard14)) (>= netstandard16)
      System.Security.Cryptography.Primitives (>= 4.3) - restriction: || (&& (>= net46) (< netstandard14)) (&& (< net46) (>= netstandard13) (< netstandard14)) (&& (< net46) (>= netstandard14)) (>= net461) (>= netstandard16)
      System.Text.Encoding (>= 4.3) - restriction: || (&& (< net46) (>= netstandard14)) (>= netstandard16)
    System.Security.Cryptography.Csp (4.3) - restriction: >= netstandard16
      Microsoft.NETCore.Platforms (>= 1.1) - restriction: && (< net46) (>= netstandard13)
      System.IO (>= 4.3) - restriction: && (< net46) (>= netstandard13)
      System.Reflection (>= 4.3) - restriction: && (< net46) (>= netstandard13)
      System.Resources.ResourceManager (>= 4.3) - restriction: && (< net46) (>= netstandard13)
      System.Runtime (>= 4.3) - restriction: && (< net46) (>= netstandard13)
      System.Runtime.Extensions (>= 4.3) - restriction: && (< net46) (>= netstandard13)
      System.Runtime.Handles (>= 4.3) - restriction: && (< net46) (>= netstandard13)
      System.Runtime.InteropServices (>= 4.3) - restriction: && (< net46) (>= netstandard13)
      System.Security.Cryptography.Algorithms (>= 4.3) - restriction: >= netstandard13
      System.Security.Cryptography.Encoding (>= 4.3) - restriction: && (< net46) (>= netstandard13)
      System.Security.Cryptography.Primitives (>= 4.3) - restriction: >= netstandard13
      System.Text.Encoding (>= 4.3) - restriction: && (< net46) (>= netstandard13)
      System.Threading (>= 4.3) - restriction: && (< net46) (>= netstandard13)
    System.Security.Cryptography.Encoding (4.3) - restriction: || (&& (< net20) (>= net463)) (&& (< net20) (>= netstandard13)) (&& (>= dnxcore50) (>= netstandard13)) (>= netstandard16)
      Microsoft.NETCore.Platforms (>= 1.1) - restriction: && (< net46) (>= netstandard13)
      runtime.native.System.Security.Cryptography.OpenSsl (>= 4.3) - restriction: && (< net46) (>= netstandard13)
      System.Collections (>= 4.3) - restriction: && (< net46) (>= netstandard13)
      System.Collections.Concurrent (>= 4.3) - restriction: && (< net46) (>= netstandard13)
      System.Linq (>= 4.3) - restriction: && (< net46) (>= netstandard13)
      System.Resources.ResourceManager (>= 4.3) - restriction: && (< net46) (>= netstandard13)
      System.Runtime (>= 4.3) - restriction: && (< net46) (>= netstandard13)
      System.Runtime.Extensions (>= 4.3) - restriction: && (< net46) (>= netstandard13)
      System.Runtime.Handles (>= 4.3) - restriction: && (< net46) (>= netstandard13)
      System.Runtime.InteropServices (>= 4.3) - restriction: && (< net46) (>= netstandard13)
      System.Security.Cryptography.Primitives (>= 4.3) - restriction: && (< net46) (>= netstandard13)
      System.Text.Encoding (>= 4.3) - restriction: && (< net46) (>= netstandard13)
    System.Security.Cryptography.OpenSsl (4.3) - restriction: >= netstandard16
      runtime.native.System.Security.Cryptography.OpenSsl (>= 4.3) - restriction: || (>= net463) (>= netstandard16)
      System.Collections (>= 4.3) - restriction: >= netstandard16
      System.IO (>= 4.3) - restriction: || (>= net463) (>= netstandard16)
      System.Resources.ResourceManager (>= 4.3) - restriction: >= netstandard16
      System.Runtime (>= 4.3) - restriction: || (>= net463) (>= netstandard16)
      System.Runtime.Extensions (>= 4.3) - restriction: || (>= net463) (>= netstandard16)
      System.Runtime.Handles (>= 4.3) - restriction: >= netstandard16
      System.Runtime.InteropServices (>= 4.3) - restriction: >= netstandard16
      System.Runtime.Numerics (>= 4.3) - restriction: >= netstandard16
      System.Security.Cryptography.Algorithms (>= 4.3) - restriction: || (>= net463) (>= netstandard16)
      System.Security.Cryptography.Encoding (>= 4.3) - restriction: || (>= net463) (>= netstandard16)
      System.Security.Cryptography.Primitives (>= 4.3) - restriction: || (>= net463) (>= netstandard16)
      System.Text.Encoding (>= 4.3) - restriction: >= netstandard16
    System.Security.Cryptography.Primitives (4.3) - restriction: || (&& (< net20) (>= net46) (< netstandard14)) (&& (< net20) (>= net461)) (&& (< net20) (>= netstandard13)) (&& (< net20) (>= netstandard14)) (&& (>= dnxcore50) (>= netstandard13)) (>= netstandard16)
      System.Diagnostics.Debug (>= 4.3) - restriction: && (< net46) (>= netstandard13)
      System.Globalization (>= 4.3) - restriction: && (< net46) (>= netstandard13)
      System.IO (>= 4.3) - restriction: && (< net46) (>= netstandard13)
      System.Resources.ResourceManager (>= 4.3) - restriction: && (< net46) (>= netstandard13)
      System.Runtime (>= 4.3) - restriction: && (< net46) (>= netstandard13)
      System.Threading (>= 4.3) - restriction: && (< net46) (>= netstandard13)
      System.Threading.Tasks (>= 4.3) - restriction: && (< net46) (>= netstandard13)
    System.Security.Cryptography.X509Certificates (4.3) - restriction: || (&& (< net20) (>= net46)) (&& (< net20) (>= netstandard13)) (&& (>= dnxcore50) (>= netstandard11)) (&& (>= dnxcore50) (>= netstandard13)) (>= netstandard16)
      Microsoft.NETCore.Platforms (>= 1.1) - restriction: || (>= dnxcore50) (>= netstandard16)
      runtime.native.System (>= 4.3) - restriction: >= netstandard16
      runtime.native.System.Net.Http (>= 4.3) - restriction: >= netstandard16
      runtime.native.System.Security.Cryptography.OpenSsl (>= 4.3) - restriction: >= netstandard16
      System.Collections (>= 4.3) - restriction: || (>= dnxcore50) (>= netstandard16)
      System.Diagnostics.Debug (>= 4.3) - restriction: >= netstandard16
      System.Globalization (>= 4.3) - restriction: || (>= dnxcore50) (>= netstandard16)
      System.Globalization.Calendars (>= 4.3) - restriction: || (>= dnxcore50) (>= netstandard16)
      System.IO (>= 4.3) - restriction: || (>= dnxcore50) (>= netstandard16)
      System.IO.FileSystem (>= 4.3) - restriction: || (>= dnxcore50) (>= netstandard16)
      System.IO.FileSystem.Primitives (>= 4.3) - restriction: >= netstandard16
      System.Resources.ResourceManager (>= 4.3) - restriction: || (>= dnxcore50) (>= netstandard16)
      System.Runtime (>= 4.3) - restriction: || (&& (< net46) (>= netstandard13) (< netstandard14)) (&& (< net46) (>= netstandard14)) (>= dnxcore50) (>= netstandard16)
      System.Runtime.Extensions (>= 4.3) - restriction: || (>= dnxcore50) (>= netstandard16)
      System.Runtime.Handles (>= 4.3) - restriction: || (&& (< net46) (>= netstandard13) (< netstandard14)) (&& (< net46) (>= netstandard14)) (>= dnxcore50) (>= netstandard16)
      System.Runtime.InteropServices (>= 4.3) - restriction: || (>= dnxcore50) (>= netstandard16)
      System.Runtime.Numerics (>= 4.3) - restriction: || (>= dnxcore50) (>= netstandard16)
      System.Security.Cryptography.Algorithms (>= 4.3) - restriction: || (&& (>= net46) (< netstandard14)) (&& (< net46) (>= netstandard13) (< netstandard14)) (&& (< net46) (>= netstandard14)) (>= net461) (>= dnxcore50) (>= netstandard16)
      System.Security.Cryptography.Cng (>= 4.3) - restriction: || (>= dnxcore50) (>= netstandard16)
      System.Security.Cryptography.Csp (>= 4.3) - restriction: >= netstandard16
      System.Security.Cryptography.Encoding (>= 4.3) - restriction: || (&& (>= net46) (< netstandard14)) (&& (< net46) (>= netstandard13) (< netstandard14)) (&& (< net46) (>= netstandard14)) (>= net461) (>= dnxcore50) (>= netstandard16)
      System.Security.Cryptography.OpenSsl (>= 4.3) - restriction: >= netstandard16
      System.Security.Cryptography.Primitives (>= 4.3) - restriction: || (>= dnxcore50) (>= netstandard16)
      System.Text.Encoding (>= 4.3) - restriction: || (>= dnxcore50) (>= netstandard16)
      System.Threading (>= 4.3) - restriction: || (>= dnxcore50) (>= netstandard16)
    System.Text.Encoding (4.3) - restriction: || (&& (< net20) (>= netstandard10) (< netstandard13)) (&& (< net20) (>= netstandard11) (< netstandard13) (< win8) (< wpa81)) (&& (< net20) (>= netstandard13)) (&& (< net20) (>= netstandard15)) (&& (>= dnxcore50) (>= netstandard10)) (&& (>= dnxcore50) (>= netstandard11)) (&& (>= dnxcore50) (>= netstandard13)) (>= netstandard16)
      Microsoft.NETCore.Platforms (>= 1.1) - restriction: || (&& (< net45) (>= netstandard10) (< netstandard13) (< win8) (< wp8) (< wpa81)) (&& (< net45) (>= netstandard13) (< win8) (< wpa81)) (>= dnxcore50)
      Microsoft.NETCore.Targets (>= 1.1) - restriction: || (&& (< net45) (>= netstandard10) (< netstandard13) (< win8) (< wp8) (< wpa81)) (&& (< net45) (>= netstandard13) (< win8) (< wpa81)) (>= dnxcore50)
      System.Runtime (>= 4.3) - restriction: || (&& (< net45) (>= netstandard10) (< netstandard13) (< win8) (< wp8) (< wpa81)) (&& (< net45) (>= netstandard13) (< win8) (< wpa81)) (>= dnxcore50)
    System.Text.Encoding.Extensions (4.3) - restriction: || (&& (< net20) (>= netstandard10) (< netstandard13)) (&& (< net20) (>= netstandard13)) (&& (>= dnxcore50) (>= netstandard10)) (&& (>= dnxcore50) (>= netstandard13))
      Microsoft.NETCore.Platforms (>= 1.1) - restriction: || (&& (< net45) (>= netstandard10) (< netstandard13) (< win8) (< wp8) (< wpa81)) (&& (< net45) (>= netstandard13) (< win8) (< wpa81)) (>= dnxcore50)
      Microsoft.NETCore.Targets (>= 1.1) - restriction: || (&& (< net45) (>= netstandard10) (< netstandard13) (< win8) (< wp8) (< wpa81)) (&& (< net45) (>= netstandard13) (< win8) (< wpa81)) (>= dnxcore50)
      System.Runtime (>= 4.3) - restriction: || (&& (< net45) (>= netstandard10) (< netstandard13) (< win8) (< wp8) (< wpa81)) (&& (< net45) (>= netstandard13) (< win8) (< wpa81)) (>= dnxcore50)
      System.Text.Encoding (>= 4.3) - restriction: || (&& (< net45) (>= netstandard10) (< netstandard13) (< win8) (< wp8) (< wpa81)) (&& (< net45) (>= netstandard13) (< win8) (< wpa81)) (>= dnxcore50)
    System.Text.RegularExpressions (4.3) - restriction: || (&& (< net20) (>= netstandard10) (< netstandard13)) (&& (< net20) (>= netstandard13)) (&& (>= dnxcore50) (>= netstandard10)) (&& (>= dnxcore50) (>= netstandard13))
      System.Collections (>= 4.3) - restriction: || (>= dnxcore50) (&& (>= netstandard16) (< netcore11))
      System.Globalization (>= 4.3) - restriction: || (>= dnxcore50) (&& (>= netstandard16) (< netcore11))
      System.Resources.ResourceManager (>= 4.3) - restriction: || (>= dnxcore50) (&& (>= netstandard16) (< netcore11))
      System.Runtime (>= 4.3) - restriction: || (&& (< net45) (>= netstandard10) (< netstandard13) (< win8) (< wp8) (< wpa81)) (&& (< net45) (>= netstandard13) (< win8) (< wpa81)) (>= dnxcore50) (>= netstandard16)
      System.Runtime.Extensions (>= 4.3) - restriction: || (>= dnxcore50) (&& (>= netstandard16) (< netcore11))
      System.Threading (>= 4.3) - restriction: || (>= dnxcore50) (&& (>= netstandard16) (< netcore11))
    System.Threading (4.3) - restriction: || (&& (< net20) (>= net462)) (&& (< net20) (>= netstandard10) (< netstandard13)) (&& (< net20) (>= netstandard11) (< netstandard13) (< win8) (< wpa81)) (&& (< net20) (>= netstandard13)) (&& (< net20) (>= netstandard15)) (&& (>= dnxcore50) (>= netstandard10)) (&& (>= dnxcore50) (>= netstandard11)) (&& (>= dnxcore50) (>= netstandard13)) (>= netstandard16)
      System.Runtime (>= 4.3) - restriction: || (&& (< net45) (>= netstandard10) (< netstandard13) (< win8) (< wp8) (< wpa81)) (&& (< net45) (>= netstandard13) (< win8) (< wpa81)) (>= dnxcore50)
      System.Threading.Tasks (>= 4.3) - restriction: || (&& (< net45) (>= netstandard10) (< netstandard13) (< win8) (< wp8) (< wpa81)) (&& (< net45) (>= netstandard13) (< win8) (< wpa81)) (>= dnxcore50)
    System.Threading.Tasks (4.3) - restriction: || (&& (< net20) (>= netstandard10) (< netstandard13)) (&& (< net20) (>= netstandard11) (< netstandard13) (< win8) (< wpa81)) (&& (< net20) (>= netstandard13)) (&& (< net20) (>= netstandard15)) (&& (>= dnxcore50) (>= netstandard10)) (&& (>= dnxcore50) (>= netstandard11)) (&& (>= dnxcore50) (>= netstandard13)) (>= netstandard16)
      Microsoft.NETCore.Platforms (>= 1.1) - restriction: || (&& (< net45) (>= netstandard10) (< netstandard13) (< win8) (< wp8) (< wpa81)) (&& (< net45) (>= netstandard13) (< win8) (< wpa81)) (>= dnxcore50)
      Microsoft.NETCore.Targets (>= 1.1) - restriction: || (&& (< net45) (>= netstandard10) (< netstandard13) (< win8) (< wp8) (< wpa81)) (&& (< net45) (>= netstandard13) (< win8) (< wpa81)) (>= dnxcore50)
      System.Runtime (>= 4.3) - restriction: || (&& (< net45) (>= netstandard10) (< netstandard13) (< win8) (< wp8) (< wpa81)) (&& (< net45) (>= netstandard13) (< win8) (< wpa81)) (>= dnxcore50)
    System.Threading.Tasks.Extensions (4.3) - restriction: || (&& (< net20) (>= netstandard13) (< win8) (< wpa81)) (&& (>= dnxcore50) (>= netstandard10)) (&& (>= dnxcore50) (>= netstandard13))
      System.Collections (>= 4.3) - restriction: && (< net45) (>= netstandard10) (< win8) (< wp8) (< wpa81)
      System.Runtime (>= 4.3) - restriction: && (< net45) (>= netstandard10) (< win8) (< wp8) (< wpa81)
      System.Threading.Tasks (>= 4.3) - restriction: && (< net45) (>= netstandard10) (< win8) (< wp8) (< wpa81)
    System.Threading.Timer (4.3) - restriction: || (&& (< net20) (>= netstandard12) (< netstandard13)) (&& (< net20) (>= netstandard13))
      Microsoft.NETCore.Platforms (>= 1.1) - restriction: || (&& (< net451) (>= netstandard12) (< win81) (< wpa81)) (>= dnxcore50)
      Microsoft.NETCore.Targets (>= 1.1) - restriction: || (&& (< net451) (>= netstandard12) (< win81) (< wpa81)) (>= dnxcore50)
      System.Runtime (>= 4.3) - restriction: || (&& (< net451) (>= netstandard12) (< win81) (< wpa81)) (>= dnxcore50)
    System.Xml.ReaderWriter (4.3) - restriction: || (&& (< net20) (>= netstandard10) (< netstandard13)) (&& (< net20) (>= netstandard13)) (&& (>= dnxcore50) (>= netstandard10)) (&& (>= dnxcore50) (>= netstandard13))
      System.Collections (>= 4.3) - restriction: || (&& (< net45) (>= netstandard13) (< win8) (< wpa81)) (>= dnxcore50)
      System.Diagnostics.Debug (>= 4.3) - restriction: || (&& (< net45) (>= netstandard13) (< win8) (< wpa81)) (>= dnxcore50)
      System.Globalization (>= 4.3) - restriction: || (&& (< net45) (>= netstandard13) (< win8) (< wpa81)) (>= dnxcore50)
      System.IO (>= 4.3) - restriction: || (&& (< net45) (>= netstandard10) (< netstandard13) (< win8) (< wp8) (< wpa81)) (&& (< net45) (>= netstandard13) (< win8) (< wpa81)) (>= dnxcore50)
      System.IO.FileSystem (>= 4.3) - restriction: || (&& (< net45) (>= netstandard13) (< win8) (< wpa81)) (>= dnxcore50)
      System.IO.FileSystem.Primitives (>= 4.3) - restriction: || (&& (< net45) (>= netstandard13) (< win8) (< wpa81)) (>= dnxcore50)
      System.Resources.ResourceManager (>= 4.3) - restriction: || (&& (< net45) (>= netstandard13) (< win8) (< wpa81)) (>= dnxcore50)
      System.Runtime (>= 4.3) - restriction: || (&& (< net45) (>= netstandard10) (< netstandard13) (< win8) (< wp8) (< wpa81)) (&& (< net45) (>= netstandard13) (< win8) (< wpa81)) (>= dnxcore50)
      System.Runtime.Extensions (>= 4.3) - restriction: || (&& (< net45) (>= netstandard13) (< win8) (< wpa81)) (>= dnxcore50)
      System.Runtime.InteropServices (>= 4.3) - restriction: || (&& (< net45) (>= netstandard13) (< win8) (< wpa81)) (>= dnxcore50)
      System.Text.Encoding (>= 4.3) - restriction: || (&& (< net45) (>= netstandard10) (< netstandard13) (< win8) (< wp8) (< wpa81)) (&& (< net45) (>= netstandard13) (< win8) (< wpa81)) (>= dnxcore50)
      System.Text.Encoding.Extensions (>= 4.3) - restriction: || (&& (< net45) (>= netstandard13) (< win8) (< wpa81)) (>= dnxcore50)
      System.Text.RegularExpressions (>= 4.3) - restriction: || (&& (< net45) (>= netstandard13) (< win8) (< wpa81)) (>= dnxcore50)
      System.Threading.Tasks (>= 4.3) - restriction: || (&& (< net45) (>= netstandard10) (< netstandard13) (< win8) (< wp8) (< wpa81)) (&& (< net45) (>= netstandard13) (< win8) (< wpa81)) (>= dnxcore50)
      System.Threading.Tasks.Extensions (>= 4.3) - restriction: || (&& (< net45) (>= netstandard13) (< win8) (< wpa81)) (>= dnxcore50)
    System.Xml.XDocument (4.3) - restriction: || (&& (< net20) (>= netstandard10) (< netstandard13)) (&& (< net20) (>= netstandard13))
      System.Collections (>= 4.3) - restriction: || (&& (< net45) (>= netstandard13) (< win8) (< wpa81)) (>= dnxcore50)
      System.Diagnostics.Debug (>= 4.3) - restriction: || (&& (< net45) (>= netstandard13) (< win8) (< wpa81)) (>= dnxcore50)
      System.Diagnostics.Tools (>= 4.3) - restriction: || (&& (< net45) (>= netstandard13) (< win8) (< wpa81)) (>= dnxcore50)
      System.Globalization (>= 4.3) - restriction: || (&& (< net45) (>= netstandard13) (< win8) (< wpa81)) (>= dnxcore50)
      System.IO (>= 4.3) - restriction: || (&& (< net45) (>= netstandard10) (< netstandard13) (< win8) (< wp8) (< wpa81)) (&& (< net45) (>= netstandard13) (< win8) (< wpa81)) (>= dnxcore50)
      System.Reflection (>= 4.3) - restriction: || (&& (< net45) (>= netstandard13) (< win8) (< wpa81)) (>= dnxcore50)
      System.Resources.ResourceManager (>= 4.3) - restriction: || (&& (< net45) (>= netstandard13) (< win8) (< wpa81)) (>= dnxcore50)
      System.Runtime (>= 4.3) - restriction: || (&& (< net45) (>= netstandard10) (< netstandard13) (< win8) (< wp8) (< wpa81)) (&& (< net45) (>= netstandard13) (< win8) (< wpa81)) (>= dnxcore50)
      System.Runtime.Extensions (>= 4.3) - restriction: || (&& (< net45) (>= netstandard13) (< win8) (< wpa81)) (>= dnxcore50)
      System.Text.Encoding (>= 4.3) - restriction: || (&& (< net45) (>= netstandard13) (< win8) (< wpa81)) (>= dnxcore50)
      System.Threading (>= 4.3) - restriction: || (&& (< net45) (>= netstandard13) (< win8) (< wpa81)) (>= dnxcore50)
      System.Xml.ReaderWriter (>= 4.3) - restriction: || (&& (< net45) (>= netstandard10) (< netstandard13) (< win8) (< wp8) (< wpa81)) (&& (< net45) (>= netstandard13) (< win8) (< wpa81)) (>= dnxcore50)
    System.Xml.XmlDocument (4.3) - restriction: && (< net20) (>= netstandard13)
      System.Collections (>= 4.3) - restriction: && (< net46) (>= netstandard13)
      System.Diagnostics.Debug (>= 4.3) - restriction: && (< net46) (>= netstandard13)
      System.Globalization (>= 4.3) - restriction: && (< net46) (>= netstandard13)
      System.IO (>= 4.3) - restriction: && (< net46) (>= netstandard13)
      System.Resources.ResourceManager (>= 4.3) - restriction: && (< net46) (>= netstandard13)
      System.Runtime (>= 4.3) - restriction: && (< net46) (>= netstandard13)
      System.Runtime.Extensions (>= 4.3) - restriction: && (< net46) (>= netstandard13)
      System.Text.Encoding (>= 4.3) - restriction: && (< net46) (>= netstandard13)
      System.Threading (>= 4.3) - restriction: && (< net46) (>= netstandard13)
      System.Xml.ReaderWriter (>= 4.3) - restriction: && (< net46) (>= netstandard13)
